PATH
  remote: .
  specs:
    pg_searchable (0.1.0)

GEM
  remote: https://rubygems.org/
  specs:
    rake (10.4.2)

PLATFORMS
  ruby

DEPENDENCIES
  bundler
  pg_searchable!
  rake

BUNDLED WITH
   2.3.9
