PATH
  remote: .
  specs:
    pg_searchable (0.1.2)

GEM
  remote: https://rubygems.org/
  specs:
    rake (13.0.6)

PLATFORMS
  arm64-darwin-23
  x86_64-darwin-22

DEPENDENCIES
  bundler
  pg_searchable!
  rake

BUNDLED WITH
   2.5.16
