PATH
  remote: .
  specs:
    pg_searchable (0.0.1)

GEM
  remote: https://rubygems.org/
  specs:
    rake (10.4.2)

PLATFORMS
  ruby

DEPENDENCIES
  bundler (~> 1.7)
  pg_searchable!
  rake (~> 10.0)
